PATH
  remote: .
  specs:
    dynamic_record (0.0.1)
      activerecord (>= 3.1)
      activesupport (>= 3.1)
      mysql2

PATH
  remote: /Users/stephenprater/Documents/personal/guard-legacy
  specs:
    guard-legacy (0.0.1)
      guard
      rb-fsevent-legacy

PATH
  remote: /Users/stephenprater/Documents/personal/rb-fsevent-legacy
  specs:
    rb-fsevent-legacy (0.2.0)

GEM
  remote: http://rubygems.org/
  specs:
    activemodel (3.2.1)
      activesupport (= 3.2.1)
      builder (~> 3.0.0)
    activerecord (3.2.1)
      activemodel (= 3.2.1)
      activesupport (= 3.2.1)
      arel (~> 3.0.0)
      tzinfo (~> 0.3.29)
    activesupport (3.2.1)
      i18n (~> 0.6)
      multi_json (~> 1.0)
    arel (3.0.0)
    builder (3.0.0)
    coderay (1.0.5)
    columnize (0.3.6)
    database_cleaner (0.7.1)
    diff-lcs (1.1.3)
    factory_girl (2.5.2)
      activesupport (>= 2.3.9)
    ffi (1.0.11)
    growl (1.0.3)
    guard (1.0.0)
      ffi (>= 0.5.0)
      thor (~> 0.14.6)
    guard-rspec (0.6.0)
      guard (>= 0.10.0)
    guard-spork (0.5.2)
      guard (>= 0.10.0)
      spork (>= 0.8.4)
    i18n (0.6.0)
    linecache (0.46)
      rbx-require-relative (> 0.0.4)
    method_source (0.7.0)
    multi_json (1.0.4)
    mysql2 (0.3.11)
    pry (0.9.8.2)
      coderay (~> 1.0.5)
      method_source (~> 0.7)
      slop (>= 2.4.4, < 3)
    rbx-require-relative (0.0.5)
    rspec (2.8.0)
      rspec-core (~> 2.8.0)
      rspec-expectations (~> 2.8.0)
      rspec-mocks (~> 2.8.0)
    rspec-core (2.8.0)
    rspec-expectations (2.8.0)
      diff-lcs (~> 1.1.2)
    rspec-mocks (2.8.0)
    ruby-debug (0.10.4)
      columnize (>= 0.1)
      ruby-debug-base (~> 0.10.4.0)
    ruby-debug-base (0.10.4)
      linecache (>= 0.3)
    slop (2.4.4)
    spork (0.9.0)
    thor (0.14.6)
    tzinfo (0.3.31)

PLATFORMS
  ruby

DEPENDENCIES
  database_cleaner
  dynamic_record!
  factory_girl
  growl
  guard-legacy!
  guard-rspec
  guard-spork
  pry
  rb-fsevent-legacy!
  rspec
  ruby-debug
  spork
